GEM
  remote: https://rubygems.org/
  specs:
    faraday (0.9.2)
      multipart-post (>= 1.2, < 3)
    json (2.0.2)
    multipart-post (2.0.0)
    rake (11.3.0)

PLATFORMS
  ruby

DEPENDENCIES
  faraday
  json
  rake

BUNDLED WITH
   1.13.6
